PATH
  remote: .
  specs:
    bropages (0.0.16)
      commander (= 4.1.5)
      highline (= 1.6.20)
      json_pure (= 1.8.1)
      mime-types (= 1.19)
      rest-client
      smart_colored

GEM
  remote: https://rubygems.org/
  specs:
    columnize (0.3.6)
    commander (4.1.5)
      highline (~> 1.6.11)
    debugger (1.6.5)
      columnize (>= 0.3.1)
      debugger-linecache (~> 1.2.0)
      debugger-ruby_core_source (~> 1.3.1)
    debugger-linecache (1.2.0)
    debugger-ruby_core_source (1.3.1)
    highline (1.6.20)
    json_pure (1.8.1)
    mime-types (1.19)
    rest-client (1.6.7)
      mime-types (>= 1.16)
    smart_colored (1.1.1)

PLATFORMS
  ruby

DEPENDENCIES
  bropages!
  debugger
